GEM
  remote: https://rubygems.org/
  specs:
    awesome_print (1.9.2)
    byebug (11.1.3)
    coderay (1.1.3)
    colored (1.2)
    diff-lcs (1.4.4)
    levenshtein (0.2.2)
    method_source (1.0.0)
    mini_exiftool (2.10.2)
    mini_magick (4.11.0)
    mustermann (1.1.1)
      ruby2_keywords (~> 0.0.1)
    phashion (1.2.0)
    progressbar (1.11.0)
    pry (0.13.1)
      coderay (~> 1.1)
      method_source (~> 1.0)
    pry-byebug (3.9.0)
      byebug (~> 11.0)
      pry (~> 0.13.0)
    rack (2.2.3)
    rack-protection (2.1.0)
      rack
    redis (4.4.0)
    rspec (3.10.0)
      rspec-core (~> 3.10.0)
      rspec-expectations (~> 3.10.0)
      rspec-mocks (~> 3.10.0)
    rspec-core (3.10.1)
      rspec-support (~> 3.10.0)
    rspec-expectations (3.10.1)
      diff-lcs (>= 1.2.0, < 2.0)
      rspec-support (~> 3.10.0)
    rspec-mocks (3.10.2)
      diff-lcs (>= 1.2.0, < 2.0)
      rspec-support (~> 3.10.0)
    rspec-support (3.10.2)
    ruby2_keywords (0.0.5)
    sinatra (2.1.0)
      mustermann (~> 1.0)
      rack (~> 2.2)
      rack-protection (= 2.1.0)
      tilt (~> 2.0)
    tilt (2.0.10)

PLATFORMS
  ruby

DEPENDENCIES
  awesome_print
  colored (~> 1.2)
  levenshtein
  mini_exiftool
  mini_magick
  phashion
  progressbar (~> 1.11)
  pry-byebug (~> 3.9)
  redis (~> 4.4)
  rspec
  sinatra

BUNDLED WITH
   2.1.4
